PATH
  remote: .
  specs:
    mundler (0.9.0)
      rake
      thor

GEM
  remote: https://rubygems.org/
  specs:
    rake (13.0.3)
    thor (1.2.1)

PLATFORMS
  -darwin-20
  arm64-darwin-20

DEPENDENCIES
  mundler!
  rake

BUNDLED WITH
   2.2.24
