PATH
  remote: .
  specs:
    mundler (0.1.0)
      rake
      thor (~> 0.20.3)

GEM
  remote: https://rubygems.org/
  specs:
    rake (13.0.1)
    thor (0.20.3)

PLATFORMS
  ruby

DEPENDENCIES
  bundler (~> 1.17)
  mundler!
  rake

BUNDLED WITH
   1.17.3
