PATH
  remote: .
  specs:
    mundler (0.4.0)
      rake
      thor (~> 1.1.0)

GEM
  remote: https://rubygems.org/
  specs:
    rake (13.0.3)
    thor (1.1.0)

PLATFORMS
  -darwin-20

DEPENDENCIES
  bundler (>= 1.17)
  mundler!
  rake

BUNDLED WITH
   2.2.16
